GEM
  remote: http://rubygems.org/
  specs:
    cssminify (1.0.2)
    execjs (2.5.2)
    hike (1.2.3)
    json (1.8.3)
    multi_json (1.11.1)
    rack (1.6.1)
    rake (10.4.2)
    sass (3.4.14)
    sprockets (2.4.6)
      hike (~> 1.2)
      multi_json (~> 1.0)
      rack (~> 1.0)
      tilt (~> 1.1, != 1.3.0)
    sprockets-sass (1.3.1)
      sprockets (~> 2.0)
      tilt (~> 1.1)
    tilt (1.4.1)
    uglifier (2.7.1)
      execjs (>= 0.3.0)
      json (>= 1.8.0)

PLATFORMS
  ruby

DEPENDENCIES
  cssminify
  rake
  sass
  sprockets (~> 2.4.5)
  sprockets-sass
  uglifier
